GEM
  remote: http://rubygems.org/
  specs:
    lolcat (42.24.1)
      paint (~> 2.0.0)
      trollop (~> 2.1.2)
    paint (2.0.0)
    trollop (2.1.2)

PLATFORMS
  ruby

DEPENDENCIES
  lolcat
